PATH
  remote: .
  specs:
    mmrbc (0.1.0)
      ffi (~> 1.11)
      thor (~> 1.0)

GEM
  remote: https://rubygems.org/
  specs:
    ffi (1.15.1)
    power_assert (2.0.0)
    rake (13.0.3)
    test-unit (3.4.4)
      power_assert
    thor (1.1.0)

PLATFORMS
  ruby

DEPENDENCIES
  bundler (~> 2.0)
  mmrbc!
  rake (~> 13.0)
  test-unit (~> 3.3)

BUNDLED WITH
   2.2.17
