PATH
  remote: .
  specs:
    mmrbc (0.1.0)
      ffi (~> 1.11)
      thor (~> 1.0)

GEM
  remote: https://rubygems.org/
  specs:
    ffi (1.12.2)
    power_assert (1.1.6)
    rake (13.0.1)
    test-unit (3.3.5)
      power_assert
    thor (1.0.1)

PLATFORMS
  ruby

DEPENDENCIES
  bundler (~> 2.0)
  mmrbc!
  rake (~> 13.0)
  test-unit (~> 3.3)

BUNDLED WITH
   2.1.2
