PATH
  remote: .
  specs:
    mrbcc (0.1.0)
      thor (~> 0.20)

GEM
  remote: https://rubygems.org/
  specs:
    power_assert (1.1.4)
    rake (10.5.0)
    test-unit (3.3.3)
      power_assert
    thor (0.20.3)

PLATFORMS
  ruby

DEPENDENCIES
  bundler (~> 2.0)
  mrbcc!
  rake (~> 10.0)
  test-unit (~> 3.3)

BUNDLED WITH
   2.0.2
